GEM
  remote: https://rubygems.org/
  specs:
    activemodel (5.0.0.1)
      activesupport (= 5.0.0.1)
    activerecord (5.0.0.1)
      activemodel (= 5.0.0.1)
      activesupport (= 5.0.0.1)
      arel (~> 7.0)
    activesupport (5.0.0.1)
      concurrent-ruby (~> 1.0, >= 1.0.2)
      i18n (~> 0.7)
      minitest (~> 5.1)
      tzinfo (~> 1.1)
    arel (7.1.1)
    concurrent-ruby (1.0.2)
    i18n (0.7.0)
    minitest (5.9.0)
    multi_json (1.12.1)
    mysql2 (0.4.4)
    rack (1.6.4)
    rack-conneg (0.1.5)
      rack (>= 1.0)
    rack-protection (1.5.3)
      rack
    rake (11.2.2)
    representable (2.3.0)
      uber (~> 0.0.7)
    roar (1.0.4)
      representable (>= 2.0.1, < 2.4.0)
    sinatra (1.4.7)
      rack (~> 1.5)
      rack-protection (~> 1.4)
      tilt (>= 1.3, < 3)
    sinatra-activerecord (2.0.10)
      activerecord (>= 3.2)
      sinatra (~> 1.0)
    thread_safe (0.3.5)
    tilt (2.0.5)
    tzinfo (1.2.2)
      thread_safe (~> 0.1)
    uber (0.0.15)

PLATFORMS
  ruby

DEPENDENCIES
  multi_json
  mysql2
  rack-conneg
  rake
  roar
  sinatra
  sinatra-activerecord

BUNDLED WITH
   1.12.5
